PATH
  remote: .
  specs:
    stash-sword (0.1.5)
      rest-client (~> 2.0, = 2.0.0)
      typesafe_enum (~> 0.1, >= 0.1.7)
      xml-mapping_extensions (~> 0.4, >= 0.4.1)

GEM
  remote: https://rubygems.org/
  specs:
    addressable (2.5.0)
      public_suffix (~> 2.0, >= 2.0.2)
    ast (2.3.0)
    colorize (0.8.1)
    crack (0.4.3)
      safe_yaml (~> 1.0.0)
    diff-lcs (1.2.5)
    docile (1.1.5)
    domain_name (0.5.20161021)
      unf (>= 0.0.5, < 1.0.0)
    equivalent-xml (0.6.0)
      nokogiri (>= 1.4.3)
    hashdiff (0.3.0)
    hirb (0.7.3)
    http-cookie (1.0.3)
      domain_name (~> 0.5)
    mime-types (2.99.3)
    mini_portile2 (2.1.0)
    multi_json (1.12.1)
    netrc (0.11.0)
    nokogiri (1.6.8.1)
      mini_portile2 (~> 2.1.0)
    parser (2.4.0.0)
      ast (~> 2.2)
    powerpack (0.1.1)
    public_suffix (2.0.4)
    rainbow (2.2.1)
    rake (10.5.0)
    rest-client (2.0.0)
      http-cookie (>= 1.0.2, < 2.0)
      mime-types (>= 1.16, < 4.0)
      netrc (~> 0.8)
    rspec (3.5.0)
      rspec-core (~> 3.5.0)
      rspec-expectations (~> 3.5.0)
      rspec-mocks (~> 3.5.0)
    rspec-core (3.5.4)
      rspec-support (~> 3.5.0)
    rspec-expectations (3.5.0)
      diff-lcs (>= 1.2.0, < 2.0)
      rspec-support (~> 3.5.0)
    rspec-mocks (3.5.0)
      diff-lcs (>= 1.2.0, < 2.0)
      rspec-support (~> 3.5.0)
    rspec-support (3.5.0)
    rubocop (0.47.1)
      parser (>= 2.3.3.1, < 3.0)
      powerpack (~> 0.1)
      rainbow (>= 1.99.1, < 3.0)
      ruby-progressbar (~> 1.7)
      unicode-display_width (~> 1.0, >= 1.0.1)
    ruby-progressbar (1.8.1)
    safe_yaml (1.0.4)
    simplecov (0.9.2)
      docile (~> 1.1.0)
      multi_json (~> 1.0)
      simplecov-html (~> 0.9.0)
    simplecov-console (0.2.0)
      colorize
      hirb
      simplecov
    simplecov-html (0.9.0)
    typesafe_enum (0.1.7)
    unf (0.1.4)
      unf_ext
    unf_ext (0.0.7.2)
    unicode-display_width (1.1.3)
    webmock (1.24.6)
      addressable (>= 2.3.6)
      crack (>= 0.3.2)
      hashdiff
    xml-mapping (0.10.0)
    xml-mapping_extensions (0.4.7)
      mime-types (~> 2.5)
      typesafe_enum (~> 0.1, >= 0.1.5)
      xml-mapping (~> 0.10)
    yard (0.9.5)

PLATFORMS
  ruby

DEPENDENCIES
  bundler (~> 1.7)
  equivalent-xml (~> 0.6.0)
  rake (~> 10.4)
  rspec (~> 3.3)
  rubocop (~> 0.47)
  simplecov (~> 0.9.2)
  simplecov-console (~> 0.2.0)
  stash-sword!
  webmock (~> 1.24)
  yard (~> 0.8)

BUNDLED WITH
   1.13.7
